GEM
  remote: https://rubygems.org/
  specs:
    binary_parser (1.3.0)

PLATFORMS
  ruby

DEPENDENCIES
  binary_parser

BUNDLED WITH
   1.16.2
